GEM
  remote: https://rubygems.org/
  specs:
    diff-lcs (1.1.3)
    elif (0.1.0)
    rspec (2.8.0)
      rspec-core (~> 2.8.0)
      rspec-expectations (~> 2.8.0)
      rspec-mocks (~> 2.8.0)
    rspec-core (2.8.0)
    rspec-expectations (2.8.0)
      diff-lcs (~> 1.1.2)
    rspec-mocks (2.8.0)
    scout (5.7.4)
      elif

PLATFORMS
  ruby

DEPENDENCIES
  rspec
  scout
